PATH
  remote: .
  specs:
    perf_event (0.1)

GEM
  remote: https://rubygems.org/
  specs:
    minitest (5.8.3)
    rake (10.4.2)
    rake-compiler (0.9.5)
      rake

PLATFORMS
  ruby

DEPENDENCIES
  minitest (~> 5.8, >= 5.8.3)
  perf_event!
  rake-compiler (~> 0.9, >= 0.9.5)

BUNDLED WITH
   1.10.6
